GEM
  remote: https://rubygems.org/
  specs:
    mysql2 (0.3.16)
    redis (3.0.7)
    sequel (4.32.0)

PLATFORMS
  ruby

DEPENDENCIES
  mysql2
  redis
  sequel

BUNDLED WITH
   1.10.5
